GEM
  remote: https://rubygems.org/
  specs:
    autoprefixer-rails (6.1.1)
      execjs
      json
    execjs (2.6.0)
    json (1.8.3)
    sass (3.4.19)

PLATFORMS
  x64-mingw32

DEPENDENCIES
  autoprefixer-rails
  sass
